GEM
  remote: https://rubygems.org/
  specs:
    RubyInline (3.12.4)
      ZenTest (~> 4.3)
    ZenTest (4.11.1)
    distributed-trie (0.8.0)
      fuzzy-string-match (>= 0.9.3)
    eventmachine (1.2.3-java)
    fuzzy-string-match (1.0.1)
      RubyInline (>= 3.8.6)
    jruby-jars (1.7.27)
    jruby-rack (1.1.20)
    json (2.1.0-java)
    memcachepod (0.0.2)
    nendo (0.8.0)
    rack (1.6.8)
    rake (12.0.0)
    ruby-progressbar (1.8.1)
    rubyzip (1.2.1)
    warbler (1.4.10)
      jruby-jars (>= 1.5.6, < 2.0)
      jruby-rack (>= 1.1.1, < 1.3)
      rake (>= 0.9.6)
      rubyzip (>= 0.9, < 1.3)

PLATFORMS
  java

DEPENDENCIES
  distributed-trie
  eventmachine
  json
  memcachepod
  nendo
  rack
  ruby-progressbar
  warbler (= 1.4.10)

BUNDLED WITH
   1.15.3
